GEM
  remote: https://rubygems.org/
  specs:
    abstract_type (0.0.7)
    activemodel (3.2.21)
      activesupport (= 3.2.21)
      builder (~> 3.0.0)
    activerecord (3.2.21)
      activemodel (= 3.2.21)
      activesupport (= 3.2.21)
      arel (~> 3.0.2)
      tzinfo (~> 0.3.29)
    activesupport (3.2.21)
      i18n (~> 0.6, >= 0.6.4)
      multi_json (~> 1.0)
    adamantium (0.2.0)
      ice_nine (~> 0.11.0)
      memoizable (~> 0.4.0)
    addressable (2.3.6)
    annotate (2.6.5)
      activerecord (>= 2.3.0)
      rake (>= 0.8.7)
    arel (3.0.3)
    arrayfields (4.9.2)
    ast (2.0.0)
    awesome_print (1.2.0)
    builder (3.0.4)
    bumbler (0.3.1)
    cane (2.6.2)
      parallel
    chronic (0.10.2)
    churn (0.0.35)
      chronic (>= 0.2.3)
      hirb
      json_pure
      main
      rest-client (>= 1.6.0)
      ruby_parser (~> 3.0)
      sexp_processor (~> 4.1)
    clipboard (1.0.5)
    code_analyzer (0.4.5)
      sexp_processor
    code_metrics (0.1.3)
    coderay (1.1.0)
    colored (1.2)
    concord (0.1.5)
      adamantium (~> 0.2.0)
      equalizer (~> 0.0.9)
    crack (0.4.2)
      safe_yaml (~> 1.0.0)
    daemons (1.1.9)
    equalizer (0.0.9)
    erubis (2.7.0)
    eventmachine (1.0.3)
    fattr (2.2.2)
    flay (2.5.0)
      ruby_parser (~> 3.0)
      sexp_processor (~> 4.0)
    flog (4.3.0)
      ruby_parser (~> 3.1, > 3.1.0)
      sexp_processor (~> 4.4)
    forgery (0.6.0)
    git-pivotal-tracker-integration (1.4.0)
      highline (~> 1.6)
      pivotal-tracker (~> 0.5)
    haml (4.0.6)
      tilt
    happymapper (0.4.1)
      libxml-ruby (~> 2.0)
    highline (1.6.21)
    hirb (0.7.2)
    i18n (0.6.11)
    ice_nine (0.11.1)
    json (1.8.1)
    json_pure (1.8.1)
    launchy (2.4.3)
      addressable (~> 2.3)
    libxml-ruby (2.7.0)
    mail (2.6.3)
      mime-types (>= 1.16, < 3)
    mailcatcher (0.5.12)
      activesupport (~> 3.0)
      eventmachine (~> 1.0.0)
      haml (>= 3.1, < 5)
      mail (~> 2.3)
      sinatra (~> 1.2)
      skinny (~> 0.2.3)
      sqlite3 (~> 1.3)
      thin (~> 1.5.0)
    main (6.1.0)
      arrayfields (>= 4.7.4)
      chronic (>= 0.6.2)
      fattr (>= 2.2.0)
      map (>= 5.1.0)
    map (6.5.5)
    memoizable (0.4.2)
      thread_safe (~> 0.3, >= 0.3.1)
    metric_fu (4.11.1)
      cane (~> 2.5, >= 2.5.2)
      churn (~> 0.0.35)
      code_metrics (~> 0.1)
      coderay
      flay (~> 2.1, >= 2.0.1)
      flog (~> 4.1, >= 4.1.1)
      launchy (~> 2.0)
      metric_fu-Saikuro (~> 1.1, >= 1.1.3)
      multi_json
      rails_best_practices (~> 1.14, >= 1.14.3)
      redcard
      reek (~> 1.3, >= 1.3.4)
      roodi (~> 3.1)
    metric_fu-Saikuro (1.1.3)
    mime-types (2.4.3)
    mini_portile (0.6.1)
    multi_json (1.10.1)
    nokogiri (1.6.5)
      mini_portile (~> 0.6.0)
    nokogiri-happymapper (0.5.9)
      nokogiri (~> 1.5)
    parallel (1.3.3)
    parser (2.2.0.pre.8)
      ast (>= 1.1, < 3.0)
      slop (~> 3.4, >= 3.4.5)
    pivotal-tracker (0.5.12)
      builder
      crack
      happymapper (>= 0.3.2)
      nokogiri (>= 1.4.3)
      nokogiri (>= 1.4.3)
      nokogiri (>= 1.4.3)
      nokogiri (>= 1.4.3)
      nokogiri (>= 1.4.3)
      nokogiri (>= 1.4.3)
      nokogiri (>= 1.4.3)
      nokogiri (>= 1.4.3)
      nokogiri (>= 1.4.3)
      nokogiri (>= 1.4.3)
      nokogiri (>= 1.4.3)
      nokogiri (>= 1.4.3)
      nokogiri (>= 1.4.3)
      nokogiri (>= 1.4.3)
      nokogiri (>= 1.4.3)
      nokogiri (>= 1.4.3)
      nokogiri (>= 1.4.3)
      nokogiri (>= 1.4.3)
      nokogiri (>= 1.4.3)
      nokogiri (>= 1.4.3)
      nokogiri (>= 1.4.3)
      nokogiri (>= 1.4.3)
      nokogiri (>= 1.4.3)
      nokogiri (>= 1.4.3)
      nokogiri (>= 1.4.3)
      nokogiri (>= 1.4.3)
      nokogiri (>= 1.4.3)
      nokogiri (>= 1.4.3)
      nokogiri (>= 1.4.3)
      nokogiri (>= 1.4.3)
      nokogiri (>= 1.4.3)
      nokogiri (>= 1.4.3)
      nokogiri (>= 1.4.3)
      nokogiri (>= 1.4.3)
      nokogiri (>= 1.4.3)
      nokogiri (>= 1.4.3)
      nokogiri (>= 1.4.3)
      nokogiri (>= 1.4.3)
      nokogiri (>= 1.4.3)
      nokogiri (>= 1.4.3)
      nokogiri (>= 1.4.3)
      nokogiri (>= 1.4.3)
      nokogiri (>= 1.4.3)
      nokogiri (>= 1.4.3)
      nokogiri (>= 1.4.3)
      nokogiri (>= 1.4.3)
      nokogiri (>= 1.4.3)
      nokogiri (>= 1.4.3)
      nokogiri (>= 1.4.3)
      nokogiri (>= 1.4.3)
      nokogiri (>= 1.4.3)
      nokogiri (>= 1.4.3)
      nokogiri (>= 1.4.3)
      nokogiri (>= 1.4.3)
      nokogiri (>= 1.4.3)
      nokogiri (>= 1.4.3)
      nokogiri (>= 1.4.3)
      nokogiri (>= 1.4.3)
      nokogiri (>= 1.4.3)
      nokogiri (>= 1.4.3)
      nokogiri (>= 1.4.3)
      nokogiri (>= 1.4.3)
      nokogiri (>= 1.4.3)
      nokogiri (>= 1.4.3)
      nokogiri (>= 1.4.3)
      nokogiri (>= 1.4.3)
      nokogiri (>= 1.4.3)
      nokogiri (>= 1.4.3)
      nokogiri (>= 1.4.3)
      nokogiri (>= 1.4.3)
      nokogiri (>= 1.4.3)
      nokogiri (>= 1.4.3)
      nokogiri (>= 1.4.3)
      nokogiri (>= 1.4.3)
      nokogiri (>= 1.4.3)
      nokogiri (>= 1.4.3)
      nokogiri (>= 1.4.3)
      nokogiri (>= 1.4.3)
      nokogiri (>= 1.4.3)
      nokogiri (>= 1.4.3)
      nokogiri (>= 1.4.3)
      nokogiri (>= 1.4.3)
      nokogiri (>= 1.4.3)
      nokogiri (>= 1.4.3)
      nokogiri (>= 1.4.3)
      nokogiri (>= 1.4.3)
      nokogiri (>= 1.4.3)
      nokogiri (>= 1.4.3)
      nokogiri (>= 1.4.3)
      nokogiri (>= 1.4.3)
      nokogiri (>= 1.4.3)
      nokogiri (>= 1.4.3)
      nokogiri (>= 1.4.3)
      nokogiri (>= 1.4.3)
      nokogiri (>= 1.4.3)
      nokogiri (>= 1.4.3)
      nokogiri (>= 1.4.3)
      nokogiri (>= 1.4.3)
      nokogiri (>= 1.4.3)
      nokogiri (>= 1.4.3)
      nokogiri (>= 1.4.3)
      nokogiri (>= 1.4.3)
      nokogiri (>= 1.4.3)
      nokogiri (>= 1.4.3)
      nokogiri (>= 1.4.3)
      nokogiri (>= 1.4.3)
      nokogiri (>= 1.4.3)
      nokogiri (>= 1.4.3)
      nokogiri (>= 1.4.3)
      nokogiri (>= 1.4.3)
      nokogiri (>= 1.4.3)
      nokogiri (>= 1.4.3)
      nokogiri (>= 1.4.3)
      nokogiri (>= 1.4.3)
      nokogiri (>= 1.4.3)
      nokogiri (>= 1.4.3)
      nokogiri (>= 1.4.3)
      nokogiri (>= 1.4.3)
      nokogiri (>= 1.4.3)
      nokogiri (>= 1.4.3)
      nokogiri (>= 1.4.3)
      nokogiri (>= 1.4.3)
      nokogiri (>= 1.4.3)
      nokogiri (>= 1.4.3)
      nokogiri (>= 1.4.3)
      nokogiri (>= 1.4.3)
      nokogiri (>= 1.4.3)
      nokogiri (>= 1.4.3)
      nokogiri (>= 1.4.3)
      nokogiri (>= 1.4.3)
      nokogiri (>= 1.4.3)
      nokogiri (>= 1.4.3)
      nokogiri (>= 1.4.3)
      nokogiri (>= 1.4.3)
      nokogiri (>= 1.4.3)
      nokogiri (>= 1.4.3)
      nokogiri (>= 1.4.3)
      nokogiri (>= 1.4.3)
      nokogiri (>= 1.4.3)
      nokogiri (>= 1.4.3)
      nokogiri (>= 1.4.3)
      nokogiri (>= 1.4.3)
      nokogiri (>= 1.4.3)
      nokogiri (>= 1.4.3)
      nokogiri (>= 1.5.5)
      nokogiri (>= 1.5.5)
      nokogiri (>= 1.5.5)
      nokogiri (>= 1.5.5)
      nokogiri (>= 1.5.5)
      nokogiri (>= 1.5.5)
      nokogiri (>= 1.5.5)
      nokogiri (>= 1.5.5)
      nokogiri (>= 1.5.5)
      nokogiri (>= 1.5.5)
      nokogiri (>= 1.5.5)
      nokogiri (>= 1.5.5)
      nokogiri (>= 1.5.5)
      nokogiri (>= 1.5.5)
      nokogiri (>= 1.5.5)
      nokogiri (>= 1.5.5)
      nokogiri (>= 1.5.5)
      nokogiri (>= 1.5.5)
      nokogiri (>= 1.5.5)
      nokogiri (>= 1.5.5)
      nokogiri (>= 1.5.5)
      nokogiri (>= 1.5.5)
      nokogiri (>= 1.5.5)
      nokogiri (>= 1.5.5)
      nokogiri (>= 1.5.5)
      nokogiri (>= 1.5.5)
      nokogiri (>= 1.5.5)
      nokogiri (>= 1.5.5)
      nokogiri (>= 1.5.5)
      nokogiri (>= 1.5.5)
      nokogiri (>= 1.5.5)
      nokogiri (>= 1.5.5)
      nokogiri (>= 1.5.5)
      nokogiri (>= 1.5.5)
      nokogiri (>= 1.5.5)
      nokogiri (>= 1.5.5)
      nokogiri (>= 1.5.5)
      nokogiri (>= 1.5.5)
      nokogiri (>= 1.5.5)
      nokogiri (>= 1.5.5)
      nokogiri (>= 1.5.5)
      nokogiri (>= 1.5.5)
      nokogiri (>= 1.5.5)
      nokogiri (>= 1.5.5)
      nokogiri (>= 1.5.5)
      nokogiri (>= 1.5.5)
      nokogiri (>= 1.5.5)
      nokogiri (>= 1.5.5)
      nokogiri (>= 1.5.5)
      nokogiri (>= 1.5.5)
      nokogiri (>= 1.5.5)
      nokogiri (>= 1.5.5)
      nokogiri (>= 1.5.5)
      nokogiri (>= 1.5.5)
      nokogiri (>= 1.5.5)
      nokogiri (>= 1.5.5)
      nokogiri (>= 1.5.5)
      nokogiri (>= 1.5.5)
      nokogiri (>= 1.5.5)
      nokogiri (>= 1.5.5)
      nokogiri (>= 1.5.5)
      nokogiri (>= 1.5.5)
      nokogiri (>= 1.5.5)
      nokogiri (>= 1.5.5)
      nokogiri (>= 1.5.5)
      nokogiri (>= 1.5.5)
      nokogiri (>= 1.5.5)
      nokogiri (>= 1.5.5)
      nokogiri (>= 1.5.5)
      nokogiri (>= 1.5.5)
      nokogiri (>= 1.5.5)
      nokogiri (>= 1.5.5)
      nokogiri (>= 1.5.5)
      nokogiri (>= 1.5.5)
      nokogiri (>= 1.5.5)
      nokogiri (>= 1.5.5)
      nokogiri (>= 1.5.5)
      nokogiri (>= 1.5.5)
      nokogiri (>= 1.5.5)
      nokogiri (>= 1.5.5)
      nokogiri (>= 1.5.5)
      nokogiri (>= 1.5.5)
      nokogiri (>= 1.5.5)
      nokogiri (>= 1.5.5)
      nokogiri (>= 1.5.5)
      nokogiri (>= 1.5.5)
      nokogiri (>= 1.5.5)
      nokogiri (>= 1.5.5)
      nokogiri (>= 1.5.5)
      nokogiri (>= 1.5.5)
      nokogiri (>= 1.5.5)
      nokogiri (>= 1.5.5)
      nokogiri (>= 1.5.5)
      nokogiri (>= 1.5.5)
      nokogiri (>= 1.5.5)
      nokogiri (>= 1.5.5)
      nokogiri (>= 1.5.5)
      nokogiri (>= 1.5.5)
      nokogiri (>= 1.5.5)
      nokogiri (>= 1.5.5)
      nokogiri (>= 1.5.5)
      nokogiri (>= 1.5.5)
      nokogiri (>= 1.5.5)
      nokogiri (>= 1.5.5)
      nokogiri (>= 1.5.5)
      nokogiri (>= 1.5.5)
      nokogiri (>= 1.5.5)
      nokogiri (>= 1.5.5)
      nokogiri (>= 1.5.5)
      nokogiri (>= 1.5.5)
      nokogiri (>= 1.5.5)
      nokogiri (>= 1.5.5)
      nokogiri (>= 1.5.5)
      nokogiri (>= 1.5.5)
      nokogiri (>= 1.5.5)
      nokogiri (>= 1.5.5)
      nokogiri (>= 1.5.5)
      nokogiri (>= 1.5.5)
      nokogiri (>= 1.5.5)
      nokogiri (>= 1.5.5)
      nokogiri (>= 1.5.5)
      nokogiri (>= 1.5.5)
      nokogiri (>= 1.5.5)
      nokogiri (>= 1.5.5)
      nokogiri (>= 1.5.5)
      nokogiri (>= 1.5.5)
      nokogiri (>= 1.5.5)
      nokogiri (>= 1.5.5)
      nokogiri (>= 1.5.5)
      nokogiri-happymapper (>= 0.5.4)
      rest-client (~> 1.6.0)
    procto (0.0.2)
    rack (1.5.2)
    rack-protection (1.5.3)
      rack
    rails_best_practices (1.15.4)
      activesupport
      awesome_print
      code_analyzer (>= 0.4.3)
      colored
      erubis
      i18n
      json
      require_all
      ruby-progressbar
    rainbow (2.0.0)
    rake (10.4.2)
    redcard (1.1.0)
    reek (1.5.1)
      parser (~> 2.2.0.pre.7)
      rainbow (>= 1.99, < 3.0)
      unparser (~> 0.1.16)
    require_all (1.3.2)
    rest-client (1.6.7)
      mime-types (>= 1.16)
    roodi (3.3.1)
      ruby_parser (~> 3.2, >= 3.2.2)
    ruby-progressbar (1.7.0)
    ruby_parser (3.6.3)
      sexp_processor (~> 4.1)
    safe_yaml (1.0.4)
    sexp_processor (4.4.4)
    sinatra (1.4.5)
      rack (~> 1.4)
      rack-protection (~> 1.4)
      tilt (~> 1.3, >= 1.3.4)
    skinny (0.2.3)
      eventmachine (~> 1.0.0)
      thin (~> 1.5.0)
    slop (3.6.0)
    sqlite3 (1.3.10)
    thin (1.5.1)
      daemons (>= 1.0.9)
      eventmachine (>= 0.12.6)
      rack (>= 1.0.0)
    thread_safe (0.3.4)
    tilt (1.4.1)
    tzinfo (0.3.42)
    unparser (0.1.16)
      abstract_type (~> 0.0.7)
      adamantium (~> 0.2.0)
      concord (~> 0.1.5)
      equalizer (~> 0.0.9)
      parser (~> 2.2.0.pre.7)
      procto (~> 0.0.2)
    yard (0.8.7.6)

PLATFORMS
  ruby

DEPENDENCIES
  annotate
  bumbler
  clipboard
  forgery
  git-pivotal-tracker-integration
  mailcatcher
  metric_fu
  yard
